GIT
  remote: git://github.com/sinatra/sinatra.git
  revision: dcf926377f451461b2fee2be46605790dcb5db5e
  specs:
    sinatra (1.4.6)
      rack (~> 1.5, >= 1.5.4, < 1.6)
      rack-protection (~> 1.4)
      tilt (>= 1.3, < 3)

GEM
  remote: https://rubygems.org/
  specs:
    aws-sdk (2.2.8)
      aws-sdk-resources (= 2.2.8)
    aws-sdk-core (2.2.8)
      jmespath (~> 1.0)
    aws-sdk-resources (2.2.8)
      aws-sdk-core (= 2.2.8)
    capistrano (3.4.0)
      i18n
      rake (>= 10.0.0)
      sshkit (~> 1.3)
    capistrano-bundler (1.1.4)
      capistrano (~> 3.1)
      sshkit (~> 1.2)
    capistrano-rbenv (2.0.3)
      capistrano (~> 3.1)
      sshkit (~> 1.3)
    capistrano3-unicorn (0.2.1)
      capistrano (~> 3.1, >= 3.1.0)
    chronic (0.10.2)
    colorize (0.7.7)
    configatron (4.5.0)
    httparty (0.13.7)
      json (~> 1.8)
      multi_xml (>= 0.5.2)
    i18n (0.7.0)
    jmespath (1.1.3)
    json (1.8.3)
    kgio (2.10.0)
    multi_xml (0.5.5)
    net-scp (1.2.1)
      net-ssh (>= 2.6.5)
    net-ssh (3.0.1)
    rack (1.5.5)
    rack-protection (1.5.3)
      rack
    raindrops (0.15.0)
    rake (10.4.2)
    redis (3.2.1)
    sshkit (1.7.1)
      colorize (>= 0.7.0)
      net-scp (>= 1.1.2)
      net-ssh (>= 2.8.0)
    tilt (2.0.1)
    unicorn (4.9.0)
      kgio (~> 2.6)
      rack
      raindrops (~> 0.7)
    whenever (0.9.4)
      chronic (>= 0.6.3)

PLATFORMS
  ruby

DEPENDENCIES
  aws-sdk (~> 2)
  capistrano
  capistrano-bundler
  capistrano-rbenv
  capistrano3-unicorn
  configatron
  httparty
  json
  redis
  sinatra!
  unicorn
  whenever

BUNDLED WITH
   1.10.6
